GEM
  specs:
    activesupport (3.2.7)
      i18n (~> 0.6)
      multi_json (~> 1.0)
    i18n (0.6.4)
    metaclass (0.0.1)
    mocha (0.12.6)
      metaclass (~> 0.0.1)
    multi_json (1.6.1)
    rake (10.0.3)
    shoulda (3.3.2)
      shoulda-context (~> 1.0.1)
      shoulda-matchers (~> 1.4.1)
    shoulda-context (1.0.1)
    shoulda-matchers (1.4.1)
      activesupport (>= 3.0.0)

PLATFORMS
  ruby

DEPENDENCIES
  mocha
  rake
  shoulda
  shoulda-context
